GEM
  remote: http://rubygems.org/
  specs:
    activesupport (3.1.3)
      multi_json (~> 1.0)
    addressable (2.2.6)
    colored (1.2)
    crack (0.3.1)
    erubis (2.7.0)
    git (1.2.5)
    i18n (0.6.0)
    json (1.6.1)
    multi_json (1.0.4)
    progressbar (0.9.2)
    rack (1.4.0)
    rack-protection (1.2.0)
      rack
    rails_best_practices (1.7.2)
      activesupport
      colored
      erubis
      i18n
      progressbar
      sexp_processor
    sexp_processor (3.0.9)
    sinatra (1.3.2)
      rack (~> 1.3, >= 1.3.6)
      rack-protection (~> 1.2)
      tilt (~> 1.3, >= 1.3.3)
    tilt (1.3.3)
    webmock (1.7.8)
      addressable (~> 2.2, > 2.2.5)
      crack (>= 0.1.7)

PLATFORMS
  ruby

DEPENDENCIES
  git
  json
  rails_best_practices
  sinatra
  webmock
